PATH
  remote: .
  specs:
    log_buddy (0.6.0)

GEM
  remote: https://rubygems.org/
  specs:
    diff-lcs (1.1.3)
    git (1.2.5)
    jeweler (1.8.3)
      bundler (~> 1.0)
      git (>= 1.2.5)
      rake
      rdoc
    json (1.6.5)
    metaclass (0.0.1)
    mocha (0.10.3)
      metaclass (~> 0.0.1)
    rake (0.9.2.2)
    rdiscount (1.6.8)
    rdoc (3.12)
      json (~> 1.4)
    rspec (2.8.0)
      rspec-core (~> 2.8.0)
      rspec-expectations (~> 2.8.0)
      rspec-mocks (~> 2.8.0)
    rspec-core (2.8.0)
    rspec-expectations (2.8.0)
      diff-lcs (~> 1.1.2)
    rspec-mocks (2.8.0)
    sdoc (0.3.16)
      json (>= 1.1.3)
      rdoc (~> 3.10)
    sdoc-helpers (0.1.4)
      sdoc (~> 0.2)

PLATFORMS
  ruby

DEPENDENCIES
  jeweler (~> 1.8)
  log_buddy!
  mocha (~> 0.9)
  rdiscount (~> 1.6)
  rspec (~> 2.2)
  sdoc (~> 0.3)
  sdoc-helpers (~> 0.1)
